Brain Vision Data Exchange Header File Version 1.0
; Written using pybv 0.7.6

[Common Infos]
Codepage=UTF-8
DataFile=clean_full_montage.eeg
MarkerFile=clean_full_montage.vmrk
DataFormat=BINARY
; Data orientation: MULTIPLEXED=ch1,pt1, ch2,pt1 ...
DataOrientation=MULTIPLEXED
NumberOfChannels=19
; Sampling interval in microseconds
SamplingInterval=3906.25

[Binary Infos]
BinaryFormat=IEEE_FLOAT_32

[Channel Infos]
; Each entry: Ch<Channel number>=<Name>,<Reference channel name>,
; <Resolution in "Unit">,<Unit>, Future extensions..
; Fields are delimited by commas, some fields might be omitted (empty).
; Commas in channel names are coded as "\1".
Ch1=Fp1,,0.1,µV
Ch2=Fp2,,0.1,µV
Ch3=F7,,0.1,µV
Ch4=F3,,0.1,µV
Ch5=Fz,,0.1,µV
Ch6=F4,,0.1,µV
Ch7=F8,,0.1,µV
Ch8=T3,,0.1,µV
Ch9=C3,,0.1,µV
Ch10=Cz,,0.1,µV
Ch11=C4,,0.1,µV
Ch12=T4,,0.1,µV
Ch13=T5,,0.1,µV
Ch14=P3,,0.1,µV
Ch15=Pz,,0.1,µV
Ch16=P4,,0.1,µV
Ch17=T6,,0.1,µV
Ch18=O1,,0.1,µV
Ch19=O2,,0.1,µV

[Comment]

